GEM
  remote: https://rubygems.org/
  specs:
    gosu (9.9.9)
    opengl-bindings (1.6.9)

PLATFORMS
  ruby

DEPENDENCIES
  gosu
  opengl-bindings

BUNDLED WITH
   1.17.3
